GEM
  remote: https://rubygems.org/
  specs:
    activesupport (7.1.0)
      base64
      bigdecimal
      concurrent-ruby (~> 1.0, >= 1.0.2)
      connection_pool (>= 2.2.5)
      drb
      i18n (>= 1.6, < 2)
      minitest (>= 5.1)
      mutex_m
      tzinfo (~> 2.0)
    addressable (2.8.5)
      public_suffix (>= 2.0.2, < 6.0)
    base64 (0.1.1)
    bigdecimal (3.1.4)
    concurrent-ruby (1.2.2)
    connection_pool (2.4.1)
    crack (0.4.5)
      rexml
    drb (2.1.1)
      ruby2_keywords
    hashdiff (1.0.1)
    httparty (0.21.0)
      mini_mime (>= 1.0.0)
      multi_xml (>= 0.5.2)
    i18n (1.14.1)
      concurrent-ruby (~> 1.0)
    mini_mime (1.1.2)
    minitest (5.20.0)
    multi_xml (0.6.0)
    mutex_m (0.1.2)
    public_suffix (5.0.3)
    rexml (3.2.6)
    ruby2_keywords (0.0.5)
    tzinfo (2.0.6)
      concurrent-ruby (~> 1.0)
    webmock (3.19.1)
      addressable (>= 2.8.0)
      crack (>= 0.3.2)
      hashdiff (>= 0.4.0, < 2.0.0)

PLATFORMS
  ruby

DEPENDENCIES
  activesupport
  httparty
  minitest
  webmock

BUNDLED WITH
   2.3.20
